GEM
  remote: https://rubygems.org/
  specs:
    bigdecimal (3.1.4)
    concurrent-ruby (1.2.2)
    dotenv (2.8.1)
    dry-configurable (0.15.0)
      concurrent-ruby (~> 1.0)
      dry-core (~> 0.6)
    dry-container (0.11.0)
      concurrent-ruby (~> 1.0)
    dry-core (0.8.1)
      concurrent-ruby (~> 1.0)
    dry-inflector (0.3.0)
    dry-initializer (3.1.1)
    dry-logic (1.2.0)
      concurrent-ruby (~> 1.0)
      dry-core (~> 0.5, >= 0.5)
    dry-types (1.5.1)
      concurrent-ruby (~> 1.0)
      dry-container (~> 0.3)
      dry-core (~> 0.5, >= 0.5)
      dry-inflector (~> 0.1, >= 0.1.2)
      dry-logic (~> 1.0, >= 1.0.2)
    erubi (1.12.0)
    ffi (1.16.3)
    forme (2.4.1)
      bigdecimal
    listen (3.8.0)
      rb-fsevent (~> 0.10, >= 0.10.3)
      rb-inotify (~> 0.9, >= 0.9.10)
    nio4r (2.5.9)
    pg (1.5.4)
    puma (6.4.0)
      nio4r (~> 2.0)
    rack (3.0.8)
    rackup (2.1.0)
      rack (>= 3)
      webrick (~> 1.8)
    rb-fsevent (0.11.2)
    rb-inotify (0.10.1)
      ffi (~> 1.0)
    roda (3.73.0)
      rack
    sequel (5.74.0)
      bigdecimal
    sequel_tools (0.1.14)
      sequel
    tilt (2.3.0)
    webrick (1.8.1)
    zeitwerk (2.6.12)

PLATFORMS
  x86_64-linux

DEPENDENCIES
  concurrent-ruby (~> 1.2)
  dotenv (~> 2.8)
  dry-configurable (~> 0.15.0)
  dry-inflector (~> 0.3.0)
  dry-initializer (~> 3.1)
  dry-types (~> 1.5)
  erubi (~> 1.12)
  forme (~> 2.4)
  listen (~> 3.8)
  pg (~> 1.5)
  puma (~> 6.4)
  rackup (~> 2.1)
  roda (~> 3.73)
  sequel (~> 5.74)
  sequel_tools (~> 0.1.14)
  tilt (~> 2.3)
  zeitwerk (~> 2.6)

BUNDLED WITH
   2.4.22
